GEM
  remote: https://rubygems.org/
  specs:
    colorize (0.8.1)

PLATFORMS
  ruby
  x86-mingw32

DEPENDENCIES
  colorize (= 0.8.1)

RUBY VERSION
   ruby 2.3.3p222

BUNDLED WITH
   1.16.1
