GEM
  remote: https://rubygems.org/
  specs:
    equatable (0.5.0)
    pastel (0.7.2)
      equatable (~> 0.5.0)
      tty-color (~> 0.4.0)
    tty-color (0.4.2)

PLATFORMS
  ruby
  x86-mingw32

DEPENDENCIES
  pastel (= 0.7.2)

RUBY VERSION
   ruby 2.3.3p222

BUNDLED WITH
   1.16.1
