GEM
  remote: https://rubygems.org/
  specs:
    colorize (0.8.1)
    tty-color (0.4.2)

PLATFORMS
  ruby
  x86-mingw32

DEPENDENCIES
  colorize (= 0.8.1)
  tty-color

RUBY VERSION
   ruby 2.3.3p222

BUNDLED WITH
   1.16.1
